GEM
  remote: https://rubygems.org/
  specs:
    byebug (8.2.1)
    cliver (0.3.2)
    minitest (5.8.3)
    pdf-forms (1.0.0)
      cliver (~> 0.3.2)
      safe_shell (>= 1.0.3, < 2.0)
    safe_shell (1.0.3)

PLATFORMS
  ruby

DEPENDENCIES
  byebug
  minitest
  pdf-forms

BUNDLED WITH
   1.10.6
